GEM
  specs:
    colorize (0.7.7)
    mini_portile (0.6.0)
    nokogiri (1.6.6.2)
      mini_portile (~> 0.6.0)

PLATFORMS
  ruby

DEPENDENCIES
  colorize
  nokogiri
